PATH
  remote: .
  specs:
    jenkins2-api (1.0.3)
      thor (~> 0.19)

GEM
  remote: https://rubygems.org/
  specs:
    rake (12.0.0)
    rdoc (5.1.0)
    thor (0.19.4)

PLATFORMS
  ruby

DEPENDENCIES
  jenkins2-api!
  rake (~> 12.0)
  rdoc (~> 5.1)

BUNDLED WITH
   1.13.1
